GEM
  remote: http://rubygems.org/
  specs:
    bson (1.3.1)
    bson_ext (1.3.1)
    mongo (1.3.1)
      bson (>= 1.3.1)
    mysql2 (0.3.6)

PLATFORMS
  ruby

DEPENDENCIES
  bson_ext
  mongo
  mysql2
